GIT
  remote: https://github.com/sinatra/sinatra
  revision: 9929353e6c59f07b8f6d98002778e0dc4a7faf3a
  specs:
    sinatra (1.4.5)
      rack (~> 1.4)
      rack-protection (~> 1.4)
      tilt (>= 1.3, < 3)

GEM
  remote: https://rubygems.org/
  specs:
    rack (1.6.0)
    rack-protection (1.5.3)
      rack
    shotgun (0.9)
      rack (>= 1.0)
    tilt (2.0.1)

PLATFORMS
  ruby

DEPENDENCIES
  shotgun
  sinatra!
